GEM
  remote: http://rubygems.org/
  specs:
    cuba (3.1.0)
      rack
    cuba-sugar (0.3.0)
      cuba (~> 3.1.0)
      json (~> 1.7.3)
      rack_csrf (~> 2.4.0)
    daemons (1.1.9)
    eventmachine (1.0.0)
    json (1.7.6)
    rack (1.4.1)
    rack_csrf (2.4.0)
      rack (>= 0.9)
    thin (1.5.0)
      daemons (>= 1.0.9)
      eventmachine (>= 0.12.6)
      rack (>= 1.0.0)

PLATFORMS
  ruby

DEPENDENCIES
  cuba
  cuba-sugar
  thin
