GEM
  remote: http://rubygems.org/
  specs:
    cuba (3.1.0)
      rack
    cuba-sugar (0.3.0)
      cuba (~> 3.1.0)
      json (~> 1.7.3)
      rack_csrf (~> 2.4.0)
    json (1.7.6)
    kgio (2.7.4)
    rack (1.4.1)
    rack_csrf (2.4.0)
      rack (>= 0.9)
    raindrops (0.10.0)
    unicorn (4.5.0)
      kgio (~> 2.6)
      rack
      raindrops (~> 0.7)

PLATFORMS
  ruby

DEPENDENCIES
  cuba
  cuba-sugar
  unicorn
